GIT
  remote: git://github.com/hayeah/rantly.git
  revision: 5fd48828724660963799558aa41e47549fda581d
  specs:
    rantly (0.3.0)

GEM
  remote: https://rubygems.org/
  specs:
    diff-lcs (1.2.5)
    rspec (3.0.0)
      rspec-core (~> 3.0.0)
      rspec-expectations (~> 3.0.0)
      rspec-mocks (~> 3.0.0)
    rspec-core (3.0.0)
      rspec-support (~> 3.0.0)
    rspec-expectations (3.0.0)
      diff-lcs (>= 1.2.0, < 2.0)
      rspec-support (~> 3.0.0)
    rspec-mocks (3.0.0)
      rspec-support (~> 3.0.0)
    rspec-support (3.0.0)

PLATFORMS
  ruby

DEPENDENCIES
  rantly!
  rspec
  rspec-core
